GEM
  remote: http://rubygems.org/
  specs:
    amq-protocol (2.3.0)
    bson (4.8.2)
    bunny (2.14.4)
      amq-protocol (~> 2.3, >= 2.3.0)
    crack (0.4.3)
      safe_yaml (~> 1.0.0)
    dotenv (2.8.1)
    httparty (0.20.0)
      mime-types (~> 3.0)
      multi_xml (>= 0.5.2)
    mime-types (3.4.1)
      mime-types-data (~> 3.2015)
    mime-types-data (3.2022.0105)
    mongo (2.11.4)
      bson (>= 4.4.2, < 5.0.0)
    multi_xml (0.6.0)
    ruby-openai (2.1.0)
      dotenv (>= 2.7.6, < 2.9.0)
      httparty (>= 0.18.1, < 0.21.0)
    safe_yaml (1.0.5)

PLATFORMS
  ruby

DEPENDENCIES
  bunny
  crack
  httparty
  mongo
  ruby-openai

BUNDLED WITH
   1.17.3
